PATH
  remote: .
  specs:
    acts_as_reportable (1.1.1)
      ruport (>= 1.6.0)

GEM
  remote: https://rubygems.org/
  specs:
    Ascii85 (1.0.2)
    afm (0.2.2)
    color (1.8)
    hashery (2.1.2)
    pdf-reader (2.0.0)
      Ascii85 (~> 1.0.0)
      afm (~> 0.2.1)
      hashery (~> 2.0)
      ruby-rc4
      ttfunk
    pdf-writer (1.1.8)
      color (>= 1.4.0)
      transaction-simple (~> 1.3)
    prawn (0.12.0)
      pdf-reader (>= 0.9.0)
      ttfunk (~> 1.0.2)
    ruby-rc4 (0.1.5)
    ruport (1.7.1)
      pdf-writer (= 1.1.8)
      prawn (= 0.12.0)
    transaction-simple (1.4.0.2)
    ttfunk (1.0.3)

PLATFORMS
  ruby

DEPENDENCIES
  acts_as_reportable!

BUNDLED WITH
   1.14.5
